PATH
  remote: .
  specs:
    cexio-websocket (0.1.0)
      activesupport (>= 4.0)
      kontena-websocket-client
      wamp_client (~> 0.0.8)

GEM
  remote: https://rubygems.org/
  specs:
    activesupport (5.1.4)
      concurrent-ruby (~> 1.0, >= 1.0.2)
      i18n (~> 0.7)
      minitest (~> 5.1)
      tzinfo (~> 1.1)
    concurrent-ruby (1.0.5)
    eventmachine (1.2.5)
    i18n (0.9.1)
      concurrent-ruby (~> 1.0)
    json (2.1.0)
    kontena-websocket-client (0.1.1)
      websocket-driver (~> 0.6.5)
    minitest (5.11.1)
    rake (10.5.0)
    thread_safe (0.3.6)
    tzinfo (1.2.4)
      thread_safe (~> 0.1)
    wamp_client (0.0.8)
      json
      websocket-eventmachine-client
    websocket (1.2.5)
    websocket-driver (0.6.5)
      websocket-extensions (>= 0.1.0)
    websocket-eventmachine-base (1.2.0)
      eventmachine (~> 1.0)
      websocket (~> 1.0)
      websocket-native (~> 1.0)
    websocket-eventmachine-client (1.2.0)
      websocket-eventmachine-base (~> 1.0)
    websocket-extensions (0.1.3)
    websocket-native (1.0.0)

PLATFORMS
  ruby

DEPENDENCIES
  bundler (~> 1.16)
  cexio-websocket!
  rake (~> 10.0)

BUNDLED WITH
   1.16.1
