PATH
  remote: .
  specs:
    cexio-websocket (0.1.0)
      activesupport (~> 4.0)
      kontena-websocket-client (~> 0.1.1)

GEM
  remote: https://rubygems.org/
  specs:
    activesupport (4.2.10)
      i18n (~> 0.7)
      minitest (~> 5.1)
      thread_safe (~> 0.3, >= 0.3.4)
      tzinfo (~> 1.1)
    concurrent-ruby (1.0.5)
    i18n (0.9.1)
      concurrent-ruby (~> 1.0)
    kontena-websocket-client (0.1.1)
      websocket-driver (~> 0.6.5)
    minitest (5.11.1)
    rake (10.5.0)
    thread_safe (0.3.6)
    tzinfo (1.2.4)
      thread_safe (~> 0.1)
    websocket-driver (0.6.5)
      websocket-extensions (>= 0.1.0)
    websocket-extensions (0.1.3)

PLATFORMS
  ruby

DEPENDENCIES
  bundler (~> 1.16)
  cexio-websocket!
  rake (~> 10.0)

BUNDLED WITH
   1.16.1
